GIT
  remote: https://github.com/tetrakai/kame.git
  revision: 81ec2485402baa20b37c6e19ac1b804a777d97e0
  specs:
    kame (0.5.0)
      gosu

GEM
  remote: http://rubygems.org/
  specs:
    gosu (0.8.7.2)

PLATFORMS
  ruby

DEPENDENCIES
  kame!
